PATH
  remote: .
  specs:
    s3_objects_sync (0.1.0)
      aws-sdk
      thor

GEM
  remote: https://rubygems.org/
  specs:
    aws-sdk (1.34.0)
      json (~> 1.4)
      nokogiri (>= 1.4.4)
      uuidtools (~> 2.1)
    coveralls (0.7.0)
      multi_json (~> 1.3)
      rest-client
      simplecov (>= 0.7)
      term-ansicolor
      thor
    diff-lcs (1.2.5)
    docile (1.1.3)
    json (1.8.1-java)
    mime-types (2.1)
    mini_portile (0.5.2)
    multi_json (1.8.4)
    nokogiri (1.6.1-java)
      mini_portile (~> 0.5.0)
    rest-client (1.6.7)
      mime-types (>= 1.16)
    rspec (2.14.1)
      rspec-core (~> 2.14.0)
      rspec-expectations (~> 2.14.0)
      rspec-mocks (~> 2.14.0)
    rspec-core (2.14.7)
    rspec-expectations (2.14.5)
      diff-lcs (>= 1.1.3, < 2.0)
    rspec-mocks (2.14.5)
    simplecov (0.8.2)
      docile (~> 1.1.0)
      multi_json
      simplecov-html (~> 0.8.0)
    simplecov-html (0.8.0)
    term-ansicolor (1.3.0)
      tins (~> 1.0)
    thor (0.18.1)
    tins (1.0.0)
    uuidtools (2.1.4)

PLATFORMS
  java

DEPENDENCIES
  bundler
  coveralls
  rspec
  s3_objects_sync!
