PATH
  remote: .
  specs:
    s3_photos_syncing (0.1.0)
      aws-sdk
      thor

GEM
  remote: https://rubygems.org/
  specs:
    aws-sdk (1.9.1)
      json (~> 1.4)
      nokogiri (>= 1.4.4)
      uuidtools (~> 2.1)
    colorize (0.5.8)
    coveralls (0.6.6)
      colorize
      multi_json (~> 1.3)
      rest-client
      simplecov (>= 0.7)
      thor
    diff-lcs (1.2.3)
    json (1.7.7-java)
    mime-types (1.22)
    multi_json (1.7.2)
    nokogiri (1.5.9-java)
    rest-client (1.6.7)
      mime-types (>= 1.16)
    rspec (2.13.0)
      rspec-core (~> 2.13.0)
      rspec-expectations (~> 2.13.0)
      rspec-mocks (~> 2.13.0)
    rspec-core (2.13.1)
    rspec-expectations (2.13.0)
      diff-lcs (>= 1.1.3, < 2.0)
    rspec-mocks (2.13.1)
    simplecov (0.7.1)
      multi_json (~> 1.0)
      simplecov-html (~> 0.7.1)
    simplecov-html (0.7.1)
    thor (0.18.1)
    uuidtools (2.1.3)

PLATFORMS
  java

DEPENDENCIES
  bundler
  coveralls
  rspec
  s3_photos_syncing!
