GEM
  remote: https://rubygems.org/
  specs:
    aws-sdk (1.8.5)
      json (~> 1.4)
      nokogiri (>= 1.4.4)
      uuidtools (~> 2.1)
    json (1.7.7-java)
    nokogiri (1.5.9-java)
    uuidtools (2.1.3)

PLATFORMS
  java

DEPENDENCIES
  aws-sdk
